GEM
  remote: http://rubygems.org/
  specs:
    daemons (1.1.8)

PLATFORMS
  ruby

DEPENDENCIES
  daemons
