GEM
  remote: http://rubygems.org/
  specs:
    stomp (1.2.0)

PLATFORMS
  ruby

DEPENDENCIES
  stomp
